{
    "AcquisitionNumber": 1,
    "AcquisitionTime": "12:17:1",
    "BrainVoyagerInfo": {
        "CalculatedDicomSlice1CenterX": -83.85702514648438,
        "CalculatedDicomSlice1CenterY": -27.811843872070312,
        "CalculatedDicomSlice1CenterZ": -46.935272216796875,
        "CalculatedDicomSliceNCenterX": 91.14297485351562,
        "CalculatedDicomSliceNCenterY": -27.811843872070312,
        "CalculatedDicomSliceNCenterZ": -46.935272216796875,
        "CoordinateSystem": 1,
        "DicomColDirX": 0,
        "DicomColDirY": 0,
        "DicomColDirZ": -1,
        "DicomFoVCols": 256,
        "DicomFoVRows": 216,
        "DicomGapThickness": 0,
        "DicomNCols": 216,
        "DicomNRows": 256,
        "DicomPosInfoPresent": 1,
        "DicomRowDirX": 0,
        "DicomRowDirY": 1,
        "DicomRowDirZ": 0,
        "DicomSliceThickness": 1,
        "DocumentType": "VMR",
        "FramingCubeDim": 256,
        "MagnetPosInfosVerified": 1,
        "NrOfPastSpatialTransformations": 0,
        "NrOfPreprocessingSteps": 0,
        "OffsetX": 0,
        "OffsetY": 0,
        "OffsetZ": 0,
        "ReferenceSpace": "Native",
        "Version": 1
    },
    "ConversionSoftware": "BrainVoyager",
    "ConversionSoftwareVersion": "21.4.5.4030",
    "ImageNumber": 176,
    "ImageOrientationPatientDICOM": [
        0,
        1,
        0,
        0,
        0,
        -1
    ],
    "ImagePositionPatientDICOM": [
        91.142976999283,
        -135.31184005737,
        80.564723968506
    ],
    "ImageType": "ORIGINAL PRIMARY M ND NORM",
    "MagneticFieldStrength": 3,
    "Manufacturer": "SIEMENS",
    "ManufacturersModelName": "Prisma_fit",
    "Modality": "MR",
    "PatientPosition": "HFS",
    "RepetitionTime": 2.3,
    "SeriesDescription": "mprage_sag_p2",
    "SeriesNumber": 2,
    "SliceThickness": 1,
    "StudyDescription": "Culham^Psych_9223"
}
